GEM
  remote: https://rubygems.org/
  specs:
    rack (1.5.2)
    rack-protection (1.5.0)
      rack
    sinatra (1.4.2)
      rack (~> 1.5, >= 1.5.2)
      rack-protection (~> 1.4)
      tilt (~> 1.3, >= 1.3.4)
    tilt (1.4.1)
    trollop (2.0)
    warden (1.2.1)
      rack (>= 1.0)
    warden-hmac-authentication (0.6.4)
      rack
      warden

PLATFORMS
  ruby

DEPENDENCIES
  sinatra
  trollop
  warden-hmac-authentication
